GEM
  remote: https://rubygems.org/
  specs:
    awesome_print (1.8.0)
    coderay (1.1.2)
    method_source (0.9.0)
    pry (0.11.2)
      coderay (~> 1.1.0)
      method_source (~> 0.9.0)
    pry-doc (0.11.1)
      pry (~> 0.9)
      yard (~> 0.9)
    puma (3.10.0)
    rack (2.0.3)
    sequel (5.2.0)
    sqlite3 (1.3.13)
    yard (0.9.9)

PLATFORMS
  ruby

DEPENDENCIES
  awesome_print
  pry
  pry-doc
  puma
  rack
  sequel
  sqlite3

RUBY VERSION
   ruby 2.3.4p301

BUNDLED WITH
   1.16.0.pre.3
